GEM
  remote: http://rubygems.org/
  specs:
    bcrypt-ruby (3.0.1)
    daemons (1.1.4)
    domain_name (0.5.20190701)
      unf (>= 0.0.5, < 1.0.0)
    eventmachine (0.12.10)
    foreman (0.30.1)
      term-ansicolor (~> 1.0.5)
      thor (>= 0.13.6)
    haml (5.0.0)
      temple (>= 0.8.0)
      tilt
    http-cookie (1.0.4)
      domain_name (~> 0.5)
    json (2.3.0)
    json-schema (1.0.4)
    mime-types (2.99.3)
    multi_json (1.0.4)
    netrc (0.11.0)
    newrelic_rpm (3.3.0)
    pg (0.12.2)
    rack (1.6.13)
    rack-flash (0.1.2)
      rack
    rack-protection (1.1.4)
      rack
    rack-test (0.6.1)
      rack (>= 1.0)
    rake (12.3.3)
    redis (2.2.2)
    redis-namespace (1.0.3)
      redis (< 3.0.0)
    resque (1.19.0)
      multi_json (~> 1.0)
      redis-namespace (~> 1.0.2)
      sinatra (>= 0.9.2)
      vegas (~> 0.1.2)
    rest-client (1.8.0)
      http-cookie (>= 1.0.2, < 2.0)
      mime-types (>= 1.16, < 3.0)
      netrc (~> 0.7)
    rfc822 (0.1.1)
    sequel (3.32.0)
    sinatra (1.3.1)
      rack (~> 1.3, >= 1.3.4)
      rack-protection (~> 1.1, >= 1.1.2)
      tilt (~> 1.3, >= 1.3.3)
    sinatra-redirect-with-flash (0.1.2)
      rack-flash (>= 0.1.1)
      sinatra (>= 0.9.1)
    temple (0.8.2)
    term-ansicolor (1.0.7)
    thin (1.2.10)
      daemons (>= 1.0.9)
      eventmachine (>= 0.12.6)
      rack (>= 1.0.0)
    thor (0.14.6)
    tilt (1.3.3)
    unf (0.1.4)
      unf_ext
    unf_ext (0.0.8)
    vegas (0.1.11)
      rack (>= 1.0.0)

PLATFORMS
  ruby

DEPENDENCIES
  bcrypt-ruby
  foreman
  haml
  json
  json-schema (= 1.0.4)
  newrelic_rpm
  pg
  rack-flash
  rack-test
  rake
  resque
  rest-client
  rfc822 (~> 0.1.1)
  sequel
  sinatra (= 1.3.1)
  sinatra-redirect-with-flash
  thin (= 1.2.10)
