GEM
  remote: http://rubygems.org/
  remote: https://gems.gemfury.com/uDdMuaVsXVTd8HpbGwMc/
  specs:
    bcrypt-ruby (3.0.1)
    daemons (1.1.4)
    eventmachine (0.12.10)
    foreman (0.30.1)
      term-ansicolor (~> 1.0.5)
      thor (>= 0.13.6)
    haml (3.1.3)
    macaddr (1.5.0)
      systemu (>= 2.4.0)
    mime-types (1.17.2)
    multi_json (1.0.3)
    newrelic_rpm (3.3.0)
    pg (0.11.0)
    rack (1.3.5)
    rack-flash (0.1.2)
      rack
    rack-protection (1.1.4)
      rack
    rake (0.9.2)
    redis (2.2.2)
    redis-namespace (1.0.3)
      redis (< 3.0.0)
    resque (1.19.0)
      multi_json (~> 1.0)
      redis-namespace (~> 1.0.2)
      sinatra (>= 0.9.2)
      vegas (~> 0.1.2)
    rest-client (1.6.7)
      mime-types (>= 1.16)
    rfc822 (0.1.1)
    sequel (3.29.0)
    sinatra (1.3.1)
      rack (~> 1.3, >= 1.3.4)
      rack-protection (~> 1.1, >= 1.1.2)
      tilt (~> 1.3, >= 1.3.3)
    sinatra-redirect-with-flash (0.1.2)
      rack-flash (>= 0.1.1)
      sinatra (>= 0.9.1)
    systemu (2.4.1)
    term-ansicolor (1.0.7)
    thin (1.2.10)
      daemons (>= 1.0.9)
      eventmachine (>= 0.12.6)
      rack (>= 1.0.0)
    thor (0.14.6)
    tilt (1.3.3)
    uuid (2.3.4)
      macaddr (~> 1.0)
    vegas (0.1.8)
      rack (>= 1.0.0)
    vellup-data (0.0.2)
      bcrypt-ruby
      pg
      resque
      rest-client
      sequel
      uuid

PLATFORMS
  ruby

DEPENDENCIES
  foreman
  haml
  newrelic_rpm
  rack-flash
  rake
  rfc822
  sinatra (= 1.3.1)
  sinatra-redirect-with-flash
  thin (= 1.2.10)
  uuid
  vellup-data (= 0.0.2)
